PATH
  remote: .
  specs:
    ruby_rush (0.1.0)

GEM
  remote: https://rubygems.org/
  specs:
    docile (1.3.2)
    minitest (5.14.1)
    rake (12.3.3)
    rbs (0.9.1)
    simplecov (0.18.5)
      docile (~> 1.1)
      simplecov-html (~> 0.11)
    simplecov-html (0.12.2)

PLATFORMS
  ruby

DEPENDENCIES
  minitest (~> 5.0)
  rake (~> 12.0)
  rbs
  ruby_rush!
  simplecov

BUNDLED WITH
   2.1.4
