PATH
  remote: ../../rbs
  specs:
    rbs (0.10.0)

PATH
  remote: .
  specs:
    ruby_rush (0.1.0)

GEM
  remote: https://rubygems.org/
  specs:
    docile (1.3.2)
    minitest (5.14.2)
    rake (12.3.3)
    simplecov (0.19.1)
      docile (~> 1.1)
      simplecov-html (~> 0.11)
    simplecov-html (0.12.3)

PLATFORMS
  ruby

DEPENDENCIES
  minitest (~> 5.0)
  rake (~> 12.0)
  rbs!
  ruby_rush!
  simplecov

BUNDLED WITH
   2.1.4
